GIT
  remote: https://github.com/thinkami-renovate-sandbox/private-bundler-app.git
  revision: 3f9c88616d6843badb10864ff0b4f505b084ba33
  specs:
    private_bundler_app (0.1.0)

GEM
  remote: https://rubygems.org/
  specs:
    colorize (0.8.1)

PLATFORMS
  arm64-darwin-24
  x86_64-linux

DEPENDENCIES
  colorize (= 0.8.1)
  private_bundler_app!

BUNDLED WITH
   2.4.19
